GIT
  remote: git://github.com/spiceee/instagram-ruby-gem.git
  revision: 49d7088e555288d6b760ed33cb38c8508a5b7dd9
  specs:
    instagram (0.8.5)
      faraday (>= 0.7, < 0.9)
      faraday_middleware (~> 0.8)
      hashie (>= 0.4.0)
      multi_json (~> 1.0, >= 1.0.3)

GEM
  remote: http://rubygems.org/
  specs:
    faraday (0.8.4)
      multipart-post (~> 1.1)
    faraday_middleware (0.9.0)
      faraday (>= 0.7.4, < 0.9)
    hashie (1.2.0)
    httpclient (2.3.0.1)
    multi_json (1.5.0)
    multipart-post (1.1.5)
    rack (1.4.1)
    rack-protection (1.3.2)
      rack
    sinatra (1.3.3)
      rack (~> 1.3, >= 1.3.6)
      rack-protection (~> 1.2)
      tilt (~> 1.3, >= 1.3.3)
    tilt (1.3.3)

PLATFORMS
  ruby

DEPENDENCIES
  httpclient
  instagram!
  sinatra
