GIT
  remote: https://github.com/spiceee/instagram-ruby-gem.git
  revision: 49d7088e555288d6b760ed33cb38c8508a5b7dd9
  specs:
    instagram (0.8.5)
      faraday (>= 0.7, < 0.9)
      faraday_middleware (~> 0.8)
      hashie (>= 0.4.0)
      multi_json (~> 1.0, >= 1.0.3)

GEM
  remote: http://rubygems.org/
  specs:
    faraday (0.8.11)
      multipart-post (~> 1.2.0)
    faraday_middleware (0.14.0)
      faraday (>= 0.7.4, < 1.0)
    hashie (5.0.0)
    httpclient (2.8.3)
    multi_json (1.15.0)
    multipart-post (1.2.0)
    mustermann (1.1.1)
      ruby2_keywords (~> 0.0.1)
    rack (2.2.3.1)
    rack-protection (2.2.0)
      rack
    ruby2_keywords (0.0.5)
    sinatra (2.2.0)
      mustermann (~> 1.0)
      rack (~> 2.2)
      rack-protection (= 2.2.0)
      tilt (~> 2.0)
    tilt (2.0.10)

PLATFORMS
  ruby

DEPENDENCIES
  httpclient
  instagram!
  sinatra

BUNDLED WITH
   2.3.13
